GEM
  remote: https://rubygems.org/
  specs:
    columnize (0.3.6)
    daemons (1.1.9)
    debugger (1.6.5)
      columnize (>= 0.3.1)
      debugger-linecache (~> 1.2.0)
      debugger-ruby_core_source (~> 1.3.1)
    debugger-linecache (1.2.0)
    debugger-ruby_core_source (1.3.1)
    eventmachine (1.0.3)
    pg (0.17.1)
    rack (1.5.2)
    rack-protection (1.5.2)
      rack
    sinatra (1.4.4)
      rack (~> 1.4)
      rack-protection (~> 1.4)
      tilt (~> 1.3, >= 1.3.4)
    thin (1.6.1)
      daemons (>= 1.0.9)
      eventmachine (>= 1.0.0)
      rack (>= 1.0.0)
    tilt (1.4.1)

PLATFORMS
  ruby

DEPENDENCIES
  debugger
  pg
  sinatra
  thin
